PATH
  remote: .
  specs:
    friendship (0.0.1)
      activesupport (~> 3.0.0)
      i18n (~> 0.4.2)

GEM
  remote: http://rubygems.org/
  specs:
    SystemTimer (1.2.1)
    activesupport (3.0.3)
    cassandra (0.8.2)
      json
      rake
      simple_uuid (>= 0.1.0)
      thrift_client (>= 0.4.0)
    diff-lcs (1.1.2)
    i18n (0.4.2)
    json (1.4.6)
    rake (0.8.7)
    redis (2.0.5)
    rspec (2.2.0)
      rspec-core (~> 2.2)
      rspec-expectations (~> 2.2)
      rspec-mocks (~> 2.2)
    rspec-core (2.2.0)
    rspec-expectations (2.2.0)
      diff-lcs (~> 1.1.2)
    rspec-mocks (2.2.0)
    simple_uuid (0.1.1)
    thrift (0.2.0.4)
    thrift_client (0.5.0)
      thrift (~> 0.2.0)

PLATFORMS
  ruby

DEPENDENCIES
  SystemTimer
  activesupport (~> 3.0.0)
  cassandra
  friendship!
  i18n (~> 0.4.2)
  redis
  rspec (~> 2.2.0)
