PATH
  remote: .
  specs:
    friendship (0.0.1)
      activesupport (~> 3.0.0)
      i18n (~> 0.4.2)

GEM
  remote: http://rubygems.org/
  specs:
    activesupport (3.0.3)
    diff-lcs (1.1.2)
    i18n (0.4.2)
    redis (2.0.5)
    rspec (2.2.0)
      rspec-core (~> 2.2)
      rspec-expectations (~> 2.2)
      rspec-mocks (~> 2.2)
    rspec-core (2.2.0)
    rspec-expectations (2.2.0)
      diff-lcs (~> 1.1.2)
    rspec-mocks (2.2.0)

PLATFORMS
  ruby

DEPENDENCIES
  activesupport (~> 3.0.0)
  friendship!
  i18n (~> 0.4.2)
  redis
  rspec (~> 2.2.0)
